PATH
  remote: .
  specs:
    rothko (0.1.0)

GEM
  remote: https://rubygems.org/
  specs:
    chunky_png (1.3.8)
    colorize (0.8.1)

PLATFORMS
  ruby

DEPENDENCIES
  chunky_png (~> 1.3)
  colorize (~> 0.8.1)
  rothko!

BUNDLED WITH
   1.16.0
