PATH
  remote: .
  specs:
    rothko (0.1.0)

GEM
  remote: https://rubygems.org/
  specs:
    chunky_png (1.3.8)
    colorize (0.8.1)
    rake (10.5.0)

PLATFORMS
  ruby

DEPENDENCIES
  bundler (~> 1.16)
  chunky_png (~> 1.3)
  colorize (~> 0.8.1)
  rake (~> 10.0)
  rothko!

BUNDLED WITH
   1.16.0
